PATH
  remote: /home/src/rails/webyast3/devise_unix2_chkpwd_authenticatable
  specs:
    devise_unix2_chkpwd_authenticatable (0.1)
      devise (> 1.1.0)

PATH
  remote: /home/src/rails/webyast3/plugins/activedirectory
  specs:
    webyast-activedirectory (0.1)

PATH
  remote: /home/src/rails/webyast3/plugins/administrator
  specs:
    webyast-administrator (0.1)

PATH
  remote: /home/src/rails/webyast3/plugins/eulas
  specs:
    webyast-eulas (0.1)

PATH
  remote: /home/src/rails/webyast3/plugins/example_plugin
  specs:
    webyast-example (0.1)

PATH
  remote: /home/src/rails/webyast3/plugins/firewall
  specs:
    webyast-firewall (0.1)

PATH
  remote: /home/src/rails/webyast3/plugins/kerberos
  specs:
    webyast-kerberos (0.1)

PATH
  remote: /home/src/rails/webyast3/plugins/ldap
  specs:
    webyast-ldap (0.1)

PATH
  remote: /home/src/rails/webyast3/plugins/mailsetting
  specs:
    webyast-mailsetting (0.1)

PATH
  remote: /home/src/rails/webyast3/plugins/network
  specs:
    webyast-network (0.1)

PATH
  remote: /home/src/rails/webyast3/plugins/ntp
  specs:
    webyast-ntp (0.1)

PATH
  remote: /home/src/rails/webyast3/plugins/registration
  specs:
    webyast-registration (0.1)

PATH
  remote: /home/src/rails/webyast3/plugins/roles
  specs:
    webyast-roles (0.1)

PATH
  remote: /home/src/rails/webyast3/plugins/services
  specs:
    webyast-services (0.1)

PATH
  remote: /home/src/rails/webyast3/plugins/software
  specs:
    webyast-software (0.1)

PATH
  remote: /home/src/rails/webyast3/plugins/status
  specs:
    webyast-status (0.1)

PATH
  remote: /home/src/rails/webyast3/plugins/system
  specs:
    webyast-system (0.1)

PATH
  remote: /home/src/rails/webyast3/plugins/terminal
  specs:
    webyast-terminal (0.1)

PATH
  remote: /home/src/rails/webyast3/plugins/time
  specs:
    webyast-time (0.1)

PATH
  remote: /home/src/rails/webyast3/plugins/users
  specs:
    webyast-users (0.1)

PATH
  remote: /home/src/rails/webyast3/ruby-polkit1
  specs:
    polkit1 (0.0.2)
      inifile

GEM
  remote: http://rubygems.org/
  specs:
    actionmailer (3.1.1)
      actionpack (= 3.1.1)
      mail (~> 2.3.0)
    actionpack (3.1.1)
      activemodel (= 3.1.1)
      activesupport (= 3.1.1)
      builder (~> 3.0.0)
      erubis (~> 2.7.0)
      i18n (~> 0.6)
      rack (~> 1.3.2)
      rack-cache (~> 1.1)
      rack-mount (~> 0.8.2)
      rack-test (~> 0.6.1)
      sprockets (~> 2.0.2)
    activemodel (3.1.1)
      activesupport (= 3.1.1)
      builder (~> 3.0.0)
      i18n (~> 0.6)
    activerecord (3.1.1)
      activemodel (= 3.1.1)
      activesupport (= 3.1.1)
      arel (~> 2.2.1)
      tzinfo (~> 0.3.29)
    activeresource (3.1.1)
      activemodel (= 3.1.1)
      activesupport (= 3.1.1)
    activesupport (3.1.1)
      multi_json (~> 1.0)
    arel (2.2.1)
    bcrypt-ruby (3.0.1)
    builder (3.0.0)
    cancan (1.6.7)
    columnize (0.3.4)
    countries_and_languages (0.1.2)
      i18n_data
    daemons (1.1.5)
    delayed_job (2.1.4)
      activesupport (~> 3.0)
      daemons
    devise (1.5.2)
      bcrypt-ruby (~> 3.0)
      orm_adapter (~> 0.0.3)
      warden (~> 1.1)
    diff-lcs (1.1.3)
    erubis (2.7.0)
    execjs (1.2.13)
      multi_json (~> 1.0)
    fast_gettext (0.6.2)
    gettext (2.1.0)
      locale (>= 2.0.5)
    gettext_i18n_rails (0.3.0)
      fast_gettext
    haml (3.1.3)
    hike (1.2.1)
    i18n (0.6.0)
    i18n_data (0.2.7)
      activesupport
    inifile (0.4.1)
    jquery-rails (1.0.18)
      railties (~> 3.0)
      thor (~> 0.14)
    json (1.6.1)
    libv8 (3.3.10.4)
    linecache (0.46)
      rbx-require-relative (> 0.0.4)
    locale (2.0.5)
    mail (2.3.0)
      i18n (>= 0.4.0)
      mime-types (~> 1.16)
      treetop (~> 1.4.8)
    mime-types (1.17.2)
    multi_json (1.0.3)
    nokogiri (1.5.0)
    orm_adapter (0.0.6)
    polyglot (0.3.3)
    rack (1.3.6)
    rack-cache (1.1)
      rack (>= 0.4)
    rack-mount (0.8.3)
      rack (>= 1.0.0)
    rack-ssl (1.3.2)
      rack
    rack-test (0.6.1)
      rack (>= 1.0)
    rails (3.1.1)
      actionmailer (= 3.1.1)
      actionpack (= 3.1.1)
      activerecord (= 3.1.1)
      activeresource (= 3.1.1)
      activesupport (= 3.1.1)
      bundler (~> 1.0)
      railties (= 3.1.1)
    railties (3.1.1)
      actionpack (= 3.1.1)
      activesupport (= 3.1.1)
      rack-ssl (~> 1.3.2)
      rake (>= 0.8.7)
      rdoc (~> 3.4)
      thor (~> 0.14.6)
    rake (0.9.2.2)
    rbx-require-relative (0.0.5)
    rdoc (3.11)
      json (~> 1.4)
    rspec (2.7.0)
      rspec-core (~> 2.7.0)
      rspec-expectations (~> 2.7.0)
      rspec-mocks (~> 2.7.0)
    rspec-core (2.7.1)
    rspec-expectations (2.7.0)
      diff-lcs (~> 1.1.2)
    rspec-mocks (2.7.0)
    rspec-rails (2.7.0)
      actionpack (~> 3.0)
      activesupport (~> 3.0)
      railties (~> 3.0)
      rspec (~> 2.7.0)
    ruby-dbus (0.7.0)
    ruby-debug (0.10.4)
      columnize (>= 0.1)
      ruby-debug-base (~> 0.10.4.0)
    ruby-debug-base (0.10.4)
      linecache (>= 0.3)
    ruby_parser (2.0.5)
      sexp_processor (~> 3.0)
    sexp_processor (3.0.5)
    sprockets (2.0.3)
      hike (~> 1.2)
      rack (~> 1.0)
      tilt (~> 1.1, != 1.3.0)
    sqlite3 (1.3.4)
    sqlite3-ruby (1.3.3)
      sqlite3 (>= 1.3.3)
    therubyracer (0.9.9)
      libv8 (~> 3.3.10)
    thor (0.14.6)
    tilt (1.3.3)
    treetop (1.4.10)
      polyglot
      polyglot (>= 0.3.1)
    tzinfo (0.3.31)
    uglifier (1.2.1)
      execjs (>= 0.3.0)
      multi_json (>= 1.0.2)
    warden (1.1.0)
      rack (>= 1.0)

PLATFORMS
  ruby

DEPENDENCIES
  cancan
  countries_and_languages (>= 0.1.2)
  delayed_job (= 2.1.4)
  devise (= 1.5.2)
  devise_unix2_chkpwd_authenticatable!
  execjs
  fast_gettext (>= 0.5)
  gettext (>= 1.9.3)
  gettext_i18n_rails
  haml
  inifile
  jquery-rails
  nokogiri
  polkit1!
  rails (= 3.1.1)
  rspec (>= 2)
  rspec-rails (>= 2)
  ruby-dbus
  ruby-debug
  ruby_parser
  sqlite3-ruby
  therubyracer
  uglifier
  webyast-activedirectory!
  webyast-administrator!
  webyast-eulas!
  webyast-example!
  webyast-firewall!
  webyast-kerberos!
  webyast-ldap!
  webyast-mailsetting!
  webyast-network!
  webyast-ntp!
  webyast-registration!
  webyast-roles!
  webyast-services!
  webyast-software!
  webyast-status!
  webyast-system!
  webyast-terminal!
  webyast-time!
  webyast-users!
